GEM
  remote: https://rubygems.org/
  specs:
    actionmailer (3.1.2)
      actionpack (= 3.1.2)
      mail (~> 2.3.0)
    actionpack (3.1.2)
      activemodel (= 3.1.2)
      activesupport (= 3.1.2)
      builder (~> 3.0.0)
      erubis (~> 2.7.0)
      i18n (~> 0.6)
      rack (~> 1.3.5)
      rack-cache (~> 1.1)
      rack-mount (~> 0.8.2)
      rack-test (~> 0.6.1)
      sprockets (~> 2.1.0)
    activemodel (3.1.2)
      activesupport (= 3.1.2)
      builder (~> 3.0.0)
      i18n (~> 0.6)
    activerecord (3.1.2)
      activemodel (= 3.1.2)
      activesupport (= 3.1.2)
      arel (~> 2.2.1)
      tzinfo (~> 0.3.29)
    activerecord-import (0.2.11)
      activerecord (~> 3.0)
    activeresource (3.1.2)
      activemodel (= 3.1.2)
      activesupport (= 3.1.2)
    activesupport (3.1.2)
      multi_json (~> 1.0)
    ansi (1.4.3)
    arel (2.2.3)
    builder (3.0.4)
    capistrano (2.15.5)
      highline
      net-scp (>= 1.0.0)
      net-sftp (>= 2.0.0)
      net-ssh (>= 2.0.14)
      net-ssh-gateway (>= 1.1.0)
    capistrano_colors (0.5.5)
    daemons (1.0.10)
    erubis (2.7.0)
    execjs (1.4.0)
      multi_json (~> 1.0)
    gchartrb (0.8)
    gem_plugin (0.2.3)
    highline (1.6.21)
    hike (1.2.3)
    hpricot (0.8.4)
    i18n (0.6.11)
    iconv (1.0.4)
    jquery-rails (2.1.0)
      railties (>= 3.1.0, < 5.0)
      thor (~> 0.14)
    json (1.7.6)
    libv8 (3.11.8.17)
    mail (2.3.3)
      i18n (>= 0.4.0)
      mime-types (~> 1.16)
      treetop (~> 1.4.8)
    mechanize (2.0.1)
      net-http-digest_auth (~> 1.1, >= 1.1.1)
      net-http-persistent (~> 1.8)
      nokogiri (~> 1.4)
      webrobots (~> 0.0, >= 0.0.9)
    mime-types (1.25.1)
    mini_magick (3.5.0)
      subexec (~> 0.2.1)
    mini_portile (0.6.0)
    mongrel (1.2.0.pre2)
      daemons (~> 1.0.10)
      gem_plugin (~> 0.2.3)
    multi_json (1.10.1)
    multipart-post (1.1.5)
    mysql2 (0.3.10)
    net-http-digest_auth (1.4)
    net-http-persistent (1.9)
    net-scp (1.2.1)
      net-ssh (>= 2.6.5)
    net-sftp (2.1.2)
      net-ssh (>= 2.6.5)
    net-ssh (2.9.1)
    net-ssh-gateway (1.2.0)
      net-ssh (>= 2.6.5)
    nokogiri (1.6.2.1)
      mini_portile (= 0.6.0)
    polyglot (0.3.5)
    rack (1.3.10)
    rack-cache (1.2)
      rack (>= 0.4)
    rack-mount (0.8.3)
      rack (>= 1.0.0)
    rack-ssl (1.3.4)
      rack
    rack-test (0.6.2)
      rack (>= 1.0)
    rails (3.1.2)
      actionmailer (= 3.1.2)
      actionpack (= 3.1.2)
      activerecord (= 3.1.2)
      activeresource (= 3.1.2)
      activesupport (= 3.1.2)
      bundler (~> 1.0)
      railties (= 3.1.2)
    railties (3.1.2)
      actionpack (= 3.1.2)
      activesupport (= 3.1.2)
      rack-ssl (~> 1.3.2)
      rake (>= 0.8.7)
      rdoc (~> 3.4)
      thor (~> 0.14.6)
    rake (10.1.0)
    rdoc (3.12.2)
      json (~> 1.4)
    ref (1.0.5)
    remotipart (1.2.1)
    ruby-ole (1.2.11.7)
    rubyzip (0.9.9)
    spreadsheet (0.6.5.5)
      ruby-ole (>= 1.0)
    sprockets (2.1.4)
      hike (~> 1.2)
      rack (~> 1.0)
      tilt (~> 1.1, != 1.3.0)
    subexec (0.2.3)
    therubyracer (0.11.4)
      libv8 (~> 3.11.8.12)
      ref
    thor (0.14.6)
    tilt (1.4.1)
    toPinyin (0.0.5)
    treetop (1.4.15)
      polyglot
      polyglot (>= 0.3.1)
    turn (0.8.2)
      ansi (>= 1.2.2)
    tzinfo (0.3.42)
    uglifier (2.2.1)
      execjs (>= 0.3.0)
      multi_json (~> 1.0, >= 1.0.2)
    webrobots (0.1.1)
    will_paginate (3.0.3)

PLATFORMS
  ruby

DEPENDENCIES
  activerecord-import (~> 0.2.8)
  capistrano (~> 2.15.4)
  capistrano_colors (~> 0.5.5)
  execjs (= 1.4.0)
  gchartrb (= 0.8)
  hpricot (= 0.8.4)
  iconv
  jquery-rails (= 2.1.0)
  json (= 1.7.6)
  libv8 (~> 3.11.8.17)
  mechanize (= 2.0.1)
  mini_magick (= 3.5.0)
  mongrel (~> 1.2.0.pre2)
  multipart-post (= 1.1.5)
  mysql2 (= 0.3.10)
  rails (= 3.1.2)
  rake (= 10.1.0)
  remotipart (~> 1.0)
  rubyzip (= 0.9.9)
  spreadsheet (= 0.6.5.5)
  therubyracer
  toPinyin
  turn (= 0.8.2)
  uglifier (>= 1.0.3)
  will_paginate (= 3.0.3)
